GIT
  remote: git://github.com/CSOBerkeley/cskit-biblekjv-rb.git
  revision: 116bba118f98a3e78756ec8622839601710459b1
  branch: master
  specs:
    cskit-biblekjv (1.0.0)
      cskit (~> 1.0.0)
      json

GIT
  remote: git://github.com/CSOBerkeley/cskit-rb.git
  revision: 7a22da801467e2eee9841e0617377a7a826f29f7
  branch: master
  specs:
    cskit (1.0.0)
      json
      treetop

GIT
  remote: git://github.com/CSOBerkeley/cskit-shkts-rb.git
  revision: e3ec100780b3b7b0833acc641cd553d09f3a50a5
  branch: master
  specs:
    cskit-shkts (1.0.0)
      cskit (~> 1.0.0)
      json

GIT
  remote: git://github.com/camertron/grape.git
  revision: cae92de854e50cd4edf55a35c4c573ba4fda8b3b
  specs:
    grape (0.4.2)
      activesupport
      builder
      hashie (>= 1.2.0)
      multi_json (>= 1.3.2)
      multi_xml (>= 0.5.2)
      rack (>= 1.3.0)
      rack-accept
      rack-mount
      virtus

GEM
  remote: https://rubygems.org/
  specs:
    activesupport (3.2.13)
      i18n (= 0.6.1)
      multi_json (~> 1.0)
    backports (2.6.7)
    builder (3.2.0)
    coderay (1.0.9)
    descendants_tracker (0.0.1)
    hashie (2.0.5)
    i18n (0.6.1)
    json (1.8.0)
    method_source (0.8.1)
    multi_json (1.7.3)
    multi_xml (0.5.3)
    polyglot (0.3.3)
    pry (0.9.12)
      coderay (~> 1.0.5)
      method_source (~> 0.8)
      slop (~> 3.4)
    pry-nav (0.2.3)
      pry (~> 0.9.10)
    puma (2.0.1)
      rack (>= 1.1, < 2.0)
    rack (1.5.2)
    rack-accept (0.4.5)
      rack (>= 0.4)
    rack-contrib (1.1.0)
      rack (>= 0.9.1)
    rack-mount (0.8.3)
      rack (>= 1.0.0)
    slop (3.4.3)
    treetop (1.4.14)
      polyglot
      polyglot (>= 0.3.1)
    virtus (0.5.4)
      backports (~> 2.6.1)
      descendants_tracker (~> 0.0.1)

PLATFORMS
  ruby

DEPENDENCIES
  cskit!
  cskit-biblekjv!
  cskit-shkts!
  grape!
  json (~> 1.8.0)
  pry
  pry-nav
  puma (~> 2.0.1)
  rack-contrib (~> 1.1.0)
